GEM
  remote: https://rubygems.org/
  specs:
    actionmailer (3.2.14)
      actionpack (= 3.2.14)
      mail (~> 2.5.4)
    actionpack (3.2.14)
      activemodel (= 3.2.14)
      activesupport (= 3.2.14)
      builder (~> 3.0.0)
      erubis (~> 2.7.0)
      journey (~> 1.0.4)
      rack (~> 1.4.5)
      rack-cache (~> 1.2)
      rack-test (~> 0.6.1)
      sprockets (~> 2.2.1)
    activemodel (3.2.14)
      activesupport (= 3.2.14)
      builder (~> 3.0.0)
    activerecord (3.2.14)
      activemodel (= 3.2.14)
      activesupport (= 3.2.14)
      arel (~> 3.0.2)
      tzinfo (~> 0.3.29)
    activeresource (3.2.14)
      activemodel (= 3.2.14)
      activesupport (= 3.2.14)
    activesupport (3.2.14)
      i18n (~> 0.6, >= 0.6.4)
      multi_json (~> 1.0)
    arel (3.0.2)
    awesome_print (1.2.0)
    backbone-relational-rails (0.8.6)
      railties (>= 3.1)
    bootstrap-datetimepicker-rails (0.0.11)
    builder (3.0.4)
    bullet (4.6.0)
      uniform_notifier
    code_analyzer (0.4.3)
      sexp_processor
    coffee-rails (3.2.2)
      coffee-script (>= 2.2.0)
      railties (~> 3.2.0)
    coffee-script (2.2.0)
      coffee-script-source
      execjs
    coffee-script-source (1.6.3)
    colored (1.2)
    commonjs (0.2.7)
    ejs (1.1.1)
    erubis (2.7.0)
    execjs (2.0.2)
    hike (1.2.3)
    httparty (0.12.0)
      json (~> 1.8)
      multi_xml (>= 0.5.2)
    i18n (0.6.5)
    journey (1.0.4)
    jquery-rails (2.1.4)
      railties (>= 3.0, < 5.0)
      thor (>= 0.14, < 2.0)
    json (1.8.0)
    less (2.4.0)
      commonjs (~> 0.2.7)
    less-rails (2.4.2)
      actionpack (>= 3.1)
      less (~> 2.4.0)
    libv8 (3.16.14.3)
    mail (2.5.4)
      mime-types (~> 1.16)
      treetop (~> 1.4.8)
    mime-types (1.25)
    mongoid (3.1.5)
      activemodel (~> 3.2)
      moped (~> 1.4)
      origin (~> 1.0)
      tzinfo (~> 0.3.29)
    moped (1.5.1)
    multi_json (1.8.2)
    multi_xml (0.5.5)
    origin (1.1.0)
    polyglot (0.3.3)
    quiet_assets (1.0.2)
      railties (>= 3.1, < 5.0)
    rack (1.4.5)
    rack-cache (1.2)
      rack (>= 0.4)
    rack-ssl (1.3.3)
      rack
    rack-test (0.6.2)
      rack (>= 1.0)
    rails (3.2.14)
      actionmailer (= 3.2.14)
      actionpack (= 3.2.14)
      activerecord (= 3.2.14)
      activeresource (= 3.2.14)
      activesupport (= 3.2.14)
      bundler (~> 1.0)
      railties (= 3.2.14)
    rails-backbone (0.9.10)
      coffee-script (~> 2.2.0)
      ejs (~> 1.1.1)
      jquery-rails (~> 2.1.3)
      railties (>= 3.1.0)
    rails_best_practices (1.14.4)
      activesupport
      awesome_print
      code_analyzer (>= 0.4.3)
      colored
      erubis
      i18n
      require_all
      ruby-progressbar
    railties (3.2.14)
      actionpack (= 3.2.14)
      activesupport (= 3.2.14)
      rack-ssl (~> 1.3.2)
      rake (>= 0.8.7)
      rdoc (~> 3.4)
      thor (>= 0.14.6, < 2.0)
    rake (10.1.0)
    rdoc (3.12.2)
      json (~> 1.4)
    ref (1.0.5)
    require_all (1.3.1)
    ruby-progressbar (1.2.0)
    rufus-scheduler (3.0.0)
      tzinfo
    sexp_processor (4.3.0)
    sprockets (2.2.2)
      hike (~> 1.2)
      multi_json (~> 1.0)
      rack (~> 1.0)
      tilt (~> 1.1, != 1.3.0)
    therubyracer (0.12.0)
      libv8 (~> 3.16.14.0)
      ref
    thor (0.18.1)
    tilt (1.4.1)
    treetop (1.4.15)
      polyglot
      polyglot (>= 0.3.1)
    twitter-bootstrap-rails (2.2.8)
      actionpack (>= 3.1)
      execjs
      rails (>= 3.1)
      railties (>= 3.1)
    tzinfo (0.3.38)
    uglifier (2.2.1)
      execjs (>= 0.3.0)
      multi_json (~> 1.0, >= 1.0.2)
    uniform_notifier (1.3.0)
    will_paginate (3.0.5)
    will_paginate_mongoid (2.0.1)
      mongoid
      will_paginate (~> 3.0)

PLATFORMS
  ruby
  x86-mingw32

DEPENDENCIES
  backbone-relational-rails
  bootstrap-datetimepicker-rails
  bullet
  coffee-rails (~> 3.2.1)
  httparty
  jquery-rails
  less-rails
  mongoid
  quiet_assets (>= 1.0.1)
  rails (= 3.2.14)
  rails-backbone
  rails_best_practices
  rufus-scheduler
  therubyracer
  twitter-bootstrap-rails
  uglifier (>= 1.0.3)
  will_paginate_mongoid
